PATH
  remote: .
  specs:
    imagineer (0.0.1)
      chunky_png
      hornetseye-ffmpeg
      hornetseye-rmagick
      hornetseye-v4l2
      hornetseye-xorg

GEM
  remote: https://rubygems.org/
  specs:
    chunky_png (1.2.9)
    coderay (1.1.0)
    diff-lcs (1.2.5)
    hornetseye-ffmpeg (1.1.6)
      hornetseye-frame (~> 1.0)
      malloc (~> 1.2)
      multiarray (~> 1.0)
    hornetseye-frame (1.0.2)
      malloc (~> 1.1)
      multiarray (~> 1.0)
    hornetseye-rmagick (1.0.3)
      malloc (~> 1.4)
      multiarray (~> 1.0)
      rmagick (~> 2.0)
    hornetseye-v4l2 (1.0.4)
      hornetseye-frame (~> 1.0)
      malloc (~> 1.1)
      multiarray (~> 1.0)
    hornetseye-xorg (1.0.5)
      hornetseye-frame (~> 1.0)
      malloc (~> 1.1)
      multiarray (~> 1.0)
    malloc (1.4.0)
    method_source (0.8.2)
    multiarray (1.0.2)
      malloc (~> 1.1)
    pry (0.9.12.4)
      coderay (~> 1.0)
      method_source (~> 0.8)
      slop (~> 3.4)
    rake (0.9.6)
    rmagick (2.13.2)
    rspec (2.14.1)
      rspec-core (~> 2.14.0)
      rspec-expectations (~> 2.14.0)
      rspec-mocks (~> 2.14.0)
    rspec-core (2.14.7)
    rspec-expectations (2.14.4)
      diff-lcs (>= 1.1.3, < 2.0)
    rspec-mocks (2.14.4)
    slop (3.4.7)

PLATFORMS
  ruby

DEPENDENCIES
  bundler
  imagineer!
  pry
  rake
  rspec
